PATH
  remote: .
  specs:
    yaram (0.0.0)
      ox

GEM
  remote: http://rubygems.org/
  remote: http://dev.kvh-ms.lan:8808/
  specs:
    ZenTest (4.5.0)
    autotest (4.4.6)
      ZenTest (>= 4.4.1)
    autotest-fsevent (0.2.5)
      sys-uname
    autotest-growl (0.2.9)
    changelog (0.8)
    diff-lcs (1.1.2)
    ox (1.1.1)
    rspec (2.2.0)
      rspec-core (~> 2.2)
      rspec-expectations (~> 2.2)
      rspec-mocks (~> 2.2)
    rspec-core (2.6.4)
    rspec-expectations (2.6.0)
      diff-lcs (~> 1.1.2)
    rspec-mocks (2.6.0)
    simplecov (0.4.2)
      simplecov-html (~> 0.4.4)
    simplecov-html (0.4.5)
    sys-uname (0.8.5)
    thor (0.14.6)
    yard (0.7.2)

PLATFORMS
  ruby

DEPENDENCIES
  autotest (= 4.4.6)
  autotest-fsevent
  autotest-growl
  changelog
  ox (~> 1.1.1)
  rspec (~> 2.2.0)
  simplecov
  thor
  yaram!
  yard
