PATH
  remote: .
  specs:
    yaram-mongodb (0.0.0)
      bson_ext (~> 1.3.1)
      mongo (~> 1.3.1)

PATH
  remote: /Users/caleb/src/yaram
  specs:
    yaram (0.0.0)
      uuid

GEM
  remote: http://rubygems.org/
  specs:
    bson (1.3.1)
    bson_ext (1.3.1)
    diff-lcs (1.1.2)
    macaddr (1.4.0)
      systemu (~> 2.2.0)
    mongo (1.3.1)
      bson (>= 1.3.1)
    rspec (2.2.0)
      rspec-core (~> 2.2)
      rspec-expectations (~> 2.2)
      rspec-mocks (~> 2.2)
    rspec-core (2.6.4)
    rspec-expectations (2.6.0)
      diff-lcs (~> 1.1.2)
    rspec-mocks (2.6.0)
    systemu (2.2.0)
    uuid (2.3.3)
      macaddr (~> 1.0)

PLATFORMS
  ruby

DEPENDENCIES
  rspec (~> 2.2.0)
  yaram!
  yaram-mongodb!
