PATH
  remote: .
  specs:
    yaram-crypto (0.0.0)
      fast-aes (~> 0.1.1)
      highline
      yaram

PATH
  remote: /Users/caleb/src/yaram
  specs:
    yaram (0.0.0)
      uuid

GEM
  remote: http://rubygems.org/
  specs:
    diff-lcs (1.1.2)
    fast-aes (0.1.1)
    highline (1.6.2)
    macaddr (1.0.0)
    ox (1.2.7)
    rspec (2.2.0)
      rspec-core (~> 2.2)
      rspec-expectations (~> 2.2)
      rspec-mocks (~> 2.2)
    rspec-core (2.6.4)
    rspec-expectations (2.6.0)
      diff-lcs (~> 1.1.2)
    rspec-mocks (2.6.0)
    uuid (2.3.3)
      macaddr (~> 1.0)

PLATFORMS
  ruby

DEPENDENCIES
  ox (~> 1.2.7)
  rspec (~> 2.2.0)
  yaram!
  yaram-crypto!
